GEM
  remote: https://rubygems.org/
  specs:
    libui (0.0.15)
    ocra (1.3.11)

PLATFORMS
  universal-java-18

DEPENDENCIES
  libui
  ocra (= 1.3.11)

BUNDLED WITH
   2.2.29
